GEM
  remote: https://rubygems.org/
  specs:
    coderay (1.1.0)
    couchrest (1.2.0)
      mime-types (~> 1.15)
      multi_json (~> 1.0)
      multi_json (~> 1.0)
      multi_json (~> 1.0)
      multi_json (~> 1.0)
      multi_json (~> 1.0)
      multi_json (~> 1.0)
      multi_json (~> 1.0)
      multi_json (~> 1.0)
      multi_json (~> 1.0)
      multi_json (~> 1.0)
      multi_json (~> 1.0)
      multi_json (~> 1.0)
      multi_json (~> 1.0)
      multi_json (~> 1.0)
      multi_json (~> 1.0)
      multi_json (~> 1.0)
      multi_json (~> 1.0)
      multi_json (~> 1.0)
      multi_json (~> 1.0)
      multi_json (~> 1.0)
      multi_json (~> 1.0)
      multi_json (~> 1.0)
      multi_json (~> 1.0)
      multi_json (~> 1.0)
      multi_json (~> 1.0)
      multi_json (~> 1.0)
      multi_json (~> 1.0)
      multi_json (~> 1.0)
      multi_json (~> 1.0)
      multi_json (~> 1.0)
      multi_json (~> 1.0)
      multi_json (~> 1.0)
      multi_json (~> 1.0)
      multi_json (~> 1.0)
      multi_json (~> 1.0)
      multi_json (~> 1.0)
      multi_json (~> 1.0)
      multi_json (~> 1.0)
      multi_json (~> 1.0)
      multi_json (~> 1.0)
      multi_json (~> 1.0)
      multi_json (~> 1.0)
      multi_json (~> 1.0)
      multi_json (~> 1.0)
      multi_json (~> 1.0)
      multi_json (~> 1.0)
      multi_json (~> 1.0)
      multi_json (~> 1.0)
      multi_json (~> 1.0)
      multi_json (~> 1.0)
      multi_json (~> 1.0)
      multi_json (~> 1.0)
      multi_json (~> 1.0)
      multi_json (~> 1.0)
      multi_json (~> 1.0)
      multi_json (~> 1.0)
      multi_json (~> 1.0)
      multi_json (~> 1.0)
      multi_json (~> 1.0)
      multi_json (~> 1.0)
      multi_json (~> 1.0)
      multi_json (~> 1.0)
      multi_json (~> 1.0)
      multi_json (~> 1.0)
      multi_json (~> 1.0)
      multi_json (~> 1.0)
      multi_json (~> 1.0)
      multi_json (~> 1.0)
      multi_json (~> 1.0)
      multi_json (~> 1.0)
      multi_json (~> 1.0)
      multi_json (~> 1.0)
      multi_json (~> 1.0)
      multi_json (~> 1.0)
      multi_json (~> 1.0)
      multi_json (~> 1.0)
      multi_json (~> 1.0)
      multi_json (~> 1.0)
      multi_json (~> 1.0)
      multi_json (~> 1.0)
      multi_json (~> 1.0)
      multi_json (~> 1.0)
      multi_json (~> 1.0)
      multi_json (~> 1.0)
      multi_json (~> 1.0)
      multi_json (~> 1.0)
      multi_json (~> 1.0)
      multi_json (~> 1.0)
      multi_json (~> 1.0)
      multi_json (~> 1.0)
      multi_json (~> 1.0)
      multi_json (~> 1.0)
      multi_json (~> 1.0)
      multi_json (~> 1.0)
      multi_json (~> 1.0)
      multi_json (~> 1.0)
      multi_json (~> 1.0)
      multi_json (~> 1.0)
      multi_json (~> 1.0)
      multi_json (~> 1.0)
      multi_json (~> 1.0)
      multi_json (~> 1.0)
      multi_json (~> 1.0)
      multi_json (~> 1.0)
      multi_json (~> 1.0)
      multi_json (~> 1.0)
      multi_json (~> 1.0)
      multi_json (~> 1.0)
      multi_json (~> 1.0)
      multi_json (~> 1.0)
      multi_json (~> 1.0)
      multi_json (~> 1.0)
      multi_json (~> 1.0)
      multi_json (~> 1.0)
      multi_json (~> 1.0)
      multi_json (~> 1.0)
      multi_json (~> 1.0)
      multi_json (~> 1.0)
      multi_json (~> 1.0)
      multi_json (~> 1.0)
      multi_json (~> 1.0)
      multi_json (~> 1.0)
      multi_json (~> 1.0)
      multi_json (~> 1.0)
      multi_json (~> 1.0)
      multi_json (~> 1.0)
      multi_json (~> 1.0)
      multi_json (~> 1.0)
      multi_json (~> 1.0)
      multi_json (~> 1.0)
      multi_json (~> 1.0)
      multi_json (~> 1.0)
      multi_json (~> 1.0)
      multi_json (~> 1.0)
      multi_json (~> 1.0)
      multi_json (~> 1.0)
      multi_json (~> 1.0)
      multi_json (~> 1.0)
      multi_json (~> 1.0)
      multi_json (~> 1.0)
      multi_json (~> 1.0)
      multi_json (~> 1.0)
      multi_json (~> 1.0)
      multi_json (~> 1.0)
      multi_json (~> 1.0)
      multi_json (~> 1.0)
      multi_json (~> 1.0)
      multi_json (~> 1.0)
      multi_json (~> 1.0)
      multi_json (~> 1.0)
      multi_json (~> 1.0)
      multi_json (~> 1.0)
      multi_json (~> 1.0)
      multi_json (~> 1.0)
      multi_json (~> 1.0)
      multi_json (~> 1.0)
      multi_json (~> 1.0)
      multi_json (~> 1.0)
      multi_json (~> 1.0)
      multi_json (~> 1.0)
      multi_json (~> 1.0)
      multi_json (~> 1.0)
      multi_json (~> 1.0)
      multi_json (~> 1.0)
      multi_json (~> 1.0)
      multi_json (~> 1.0)
      multi_json (~> 1.0)
      multi_json (~> 1.0)
      multi_json (~> 1.0)
      multi_json (~> 1.0)
      rest-client (~> 1.6.1)
    json (1.8.2)
    method_source (0.8.2)
    mime-types (1.25.1)
    multi_json (1.10.1)
    pry (0.10.1)
      coderay (~> 1.1.0)
      method_source (~> 0.8.1)
      slop (~> 3.4)
    rdoc (4.2.0)
      json (~> 1.4)
    rest-client (1.6.8)
      mime-types (~> 1.16)
      rdoc (>= 2.4.2)
    slop (3.6.0)

PLATFORMS
  ruby

DEPENDENCIES
  couchrest
  pry
